GEM
  remote: http://rubygems.org/
  specs:
    flickraw (0.8.4)
      json (>= 1.1.1)
    httparty (0.10.0)
      multi_json (~> 1.0)
      multi_xml
    json (1.5.3)
    multi_json (1.14.1)
    multi_xml (0.6.0)

PLATFORMS
  ruby

DEPENDENCIES
  flickraw
  httparty
