GEM
  remote: http://rubygems.org/
  specs:
    flickraw (0.8.4)
      json (>= 1.1.1)
    httparty (0.21.0)
      mini_mime (>= 1.0.0)
      multi_xml (>= 0.5.2)
    json (1.5.3)
    mini_mime (1.1.2)
    multi_xml (0.6.0)

PLATFORMS
  ruby

DEPENDENCIES
  flickraw
  httparty
